GEM
  remote: http://rubygems.org/
  remote: http://gems.github.com/
  specs:
    actionmailer (2.3.14)
      actionpack (= 2.3.14)
    actionpack (2.3.14)
      activesupport (= 2.3.14)
      rack (~> 1.1.0)
    activerecord (2.3.14)
      activesupport (= 2.3.14)
    activeresource (2.3.14)
      activesupport (= 2.3.14)
    activesupport (2.3.14)
    addressable (2.3.2)
    ambethia-smtp-tls (1.1.2)
    aws-s3 (0.6.2)
      builder
      mime-types
      xml-simple
    builder (3.0.0)
    capybara (0.3.7)
      culerity (>= 0.2.4)
      mime-types (>= 1.16)
      nokogiri (>= 1.3.3)
      rack (>= 1.0.0)
      rack-test (>= 0.5.2)
      selenium-webdriver (>= 0.0.3)
    childprocess (0.3.5)
      ffi (~> 1.0, >= 1.0.6)
    crack (0.1.4)
    cucumber (1.2.1)
      builder (>= 2.1.2)
      diff-lcs (>= 1.1.3)
      gherkin (~> 2.11.0)
      json (>= 1.4.6)
    cucumber-rails (0.3.2)
      cucumber (>= 0.8.0)
    culerity (0.2.15)
    daemons (1.1.9)
    database_cleaner (0.5.0)
    delayed_job (2.0.6)
      daemons
    diff-lcs (1.1.3)
    email_spec (0.4.0)
    fakeweb (1.2.8)
    fastercsv (1.5.1)
    ffi (1.1.5)
    formtastic (0.2.5)
    friendly_id (2.2.5)
      activerecord (>= 2.2.3)
      activesupport (>= 2.2.3)
    geoip_city (0.2.0)
    geokit (1.5.0)
    gherkin (2.11.2)
      json (>= 1.4.6)
    haml (3.0.9)
    has_scope (0.4.2)
    hoptoad_notifier (2.4.9)
      activesupport
      builder
    i18n (0.3.7)
    inherited_resources (1.0.4)
      has_scope (~> 0.4.2)
      responders (~> 0.4.3)
    jferris-mocha (0.9.5.0.1241126838)
      rake
    json (1.7.5)
    libwebsocket (0.1.5)
      addressable
    libxml-ruby (2.2.2)
    mime-types (1.16)
    multi_json (1.0.4)
    mysql2 (0.2.18)
    newrelic_rpm (3.3.0)
    nokogiri (1.5.5)
    paperclip (2.3.1.1)
    pickle (0.4.7)
      cucumber (>= 0.8)
      rake
    rack (1.1.3)
    rack-test (0.6.1)
      rack (>= 1.0)
    rails (2.3.14)
      actionmailer (= 2.3.14)
      actionpack (= 2.3.14)
      activerecord (= 2.3.14)
      activeresource (= 2.3.14)
      activesupport (= 2.3.14)
      rake (>= 0.8.3)
    rake (0.9.2.2)
    rdoc (3.12)
      json (~> 1.4)
    redis (2.2.2)
    redis-store (1.0.0.1)
      redis (~> 2.2.1)
    responders (0.4.8)
    rspec (1.3.2)
    rspec-rails (1.3.4)
      rack (>= 1.0.0)
      rspec (~> 1.3.1)
    rubyzip (0.9.9)
    sax-machine (0.0.14)
      nokogiri (> 0.0.0)
    selenium-webdriver (2.25.0)
      childprocess (>= 0.2.5)
      libwebsocket (~> 0.1.3)
      multi_json (~> 1.0)
      rubyzip
    sendgrid (0.1.4)
    sqlite3 (1.3.6)
    system_timer (1.2.4)
    thoughtbot-clearance (0.8.2)
    thoughtbot-factory_girl (1.2.2)
    thoughtbot-shoulda (2.10.2)
    timecop (0.3.5)
    will_paginate (2.3.14)
    xml-simple (1.0.12)
    yfactorial-utility_scopes (0.2.2)
      activerecord (>= 2.1.0)

PLATFORMS
  ruby

DEPENDENCIES
  ambethia-smtp-tls (= 1.1.2)
  aws-s3 (= 0.6.2)
  bundler (= 1.1.5)
  capybara (= 0.3.7)
  crack (= 0.1.4)
  cucumber (~> 1.2.1)
  cucumber-rails (= 0.3.2)
  database_cleaner (= 0.5.0)
  delayed_job (= 2.0.6)
  email_spec (= 0.4.0)
  fakeweb (~> 1.2.5)
  fastercsv (= 1.5.1)
  formtastic (= 0.2.5)
  friendly_id (= 2.2.5)
  geoip_city (= 0.2.0)
  geokit (= 1.5.0)
  haml (= 3.0.9)
  has_scope (= 0.4.2)
  hoptoad_notifier (= 2.4.9)
  i18n (= 0.3.7)
  inherited_resources (= 1.0.4)
  jferris-mocha (= 0.9.5.0.1241126838)
  libxml-ruby (= 2.2.2)
  mime-types (= 1.16)
  multi_json (= 1.0.4)
  mysql2 (= 0.2.18)
  newrelic_rpm (= 3.3.0)
  paperclip (= 2.3.1.1)
  pickle (= 0.4.7)
  rails (= 2.3.14)
  rdoc (~> 3.12)
  redis (~> 2.2.1)
  redis-store (~> 1.0.0)
  responders (= 0.4.8)
  rspec (= 1.3.2)
  rspec-rails (= 1.3.4)
  sax-machine (= 0.0.14)
  sendgrid (= 0.1.4)
  sqlite3 (>= 1.3.3)
  system_timer
  thoughtbot-clearance (= 0.8.2)
  thoughtbot-factory_girl (~> 1.2.1)
  thoughtbot-shoulda (~> 2.10.1)
  timecop (= 0.3.5)
  will_paginate (= 2.3.14)
  xml-simple (= 1.0.12)
  yfactorial-utility_scopes (= 0.2.2)
