GEM
  remote: https://rubygems.org/
  remote: http://gems.github.com/
  specs:
    actionmailer (2.3.18)
      actionpack (= 2.3.18)
    actionpack (2.3.18)
      activesupport (= 2.3.18)
      rack (~> 1.1.0)
    activerecord (2.3.18)
      activesupport (= 2.3.18)
    activeresource (2.3.18)
      activesupport (= 2.3.18)
    activesupport (2.3.18)
    addressable (2.2.8)
    ambethia-smtp-tls (1.1.2)
    aws-s3 (0.6.2)
      builder
      mime-types
      xml-simple
    aws-sdk (1.5.8)
      httparty (~> 0.7)
      json (~> 1.4)
      nokogiri (>= 1.4.4)
      uuidtools (~> 2.1)
    builder (3.2.2)
    capybara (1.1.2)
      mime-types (>= 1.16)
      nokogiri (>= 1.3.3)
      rack (>= 1.0.0)
      rack-test (>= 0.5.4)
      selenium-webdriver (~> 2.0)
      xpath (~> 0.1.4)
    childprocess (0.5.9)
      ffi (~> 1.0, >= 1.0.11)
    chunky_png (1.2.6)
    cocaine (0.3.2)
    compass (0.12.2)
      chunky_png (~> 1.2)
      fssm (>= 0.2.7)
      sass (~> 3.1)
    compass-rails (1.0.3)
      compass (>= 0.12.2, < 0.14)
    cucumber (1.1.0)
      builder (>= 2.1.2)
      diff-lcs (>= 1.1.2)
      gherkin (~> 2.5.0)
      json (>= 1.4.6)
      term-ansicolor (>= 1.0.6)
    cucumber-rails2 (0.3.5)
      capybara (~> 1.1.0)
      cucumber (~> 1.1.0)
    daemons (1.1.8)
    database_cleaner (0.5.0)
    delayed_job (2.0.6)
      daemons
    diff-lcs (1.1.3)
    email_spec (0.4.0)
    engineyard (1.4.29)
      engineyard-serverside-adapter (= 1.6.4)
      escape (~> 0.0.4)
      highline (~> 1.6.1)
      json_pure
      launchy (= 2.0.5)
      net-ssh (~> 2.2.1)
      rest-client (~> 1.6.0)
    engineyard-serverside-adapter (1.6.4)
      escape (~> 0.0.4)
      json_pure
    escape (0.0.4)
    eventmachine (1.0.0)
    ey_config (0.0.7)
    factory_girl (1.2.4)
    fakeweb (1.2.8)
    fastercsv (1.5.1)
    faye-websocket (0.4.6)
      eventmachine (>= 0.12.0)
    ffi (1.9.10)
    formtastic (0.2.5)
    friendly_id (2.2.5)
      activerecord (>= 2.2.3)
      activesupport (>= 2.2.3)
    fssm (0.2.9)
    geoip (1.2.1)
    geokit (1.5.0)
    gherkin (2.5.4)
      json (>= 1.4.6)
    haml (3.1.7)
    has_scope (0.4.2)
    highline (1.6.21)
    hoe (3.6.0)
      rake (>= 0.8, < 11.0)
    http_parser.rb (0.5.3)
    httparty (0.11.0)
      multi_json (~> 1.0)
      multi_xml (>= 0.5.2)
    i18n (0.3.7)
    inherited_resources (1.0.4)
      has_scope (~> 0.4.2)
      responders (~> 0.4.3)
    jferris-mocha (0.9.5.0.1241126838)
      rake
    json (1.8.1)
    json_pure (1.8.1)
    launchy (2.0.5)
      addressable (~> 2.2.6)
    libxml-ruby (2.9.0)
    mime-types (1.16)
    multi_json (1.0.4)
    multi_xml (0.5.3)
    mysql2 (0.2.24)
    net-ssh (2.2.2)
    newrelic_rpm (3.7.3.204)
    nokogiri (1.5.5)
    paperclip (2.7.5)
      activerecord (>= 2.3.0)
      activesupport (>= 2.3.2)
      cocaine (~> 0.3.0)
      mime-types
    pickle (0.4.7)
      cucumber (>= 0.8)
      rake
    poltergeist (1.0.1)
      capybara (~> 1.1)
      childprocess (~> 0.3)
      faye-websocket (~> 0.4, >= 0.4.4)
      http_parser.rb (~> 0.5.3)
      multi_json (~> 1.0)
    rack (1.1.6)
    rack-test (0.6.2)
      rack (>= 1.0)
    rails (2.3.18)
      actionmailer (= 2.3.18)
      actionpack (= 2.3.18)
      activerecord (= 2.3.18)
      activeresource (= 2.3.18)
      activesupport (= 2.3.18)
      rake (>= 0.8.3)
    rake (0.9.6)
    redis (2.2.2)
    redis-store (1.0.0.1)
      redis (~> 2.2.1)
    responders (0.4.8)
    rest-client (1.6.7)
      mime-types (>= 1.16)
    rspec (1.3.2)
    rspec-rails (1.3.4)
      rack (>= 1.0.0)
      rspec (~> 1.3.1)
    rubyzip (1.2.0)
    sass (3.2.1)
    sax-machine (0.0.14)
      nokogiri (> 0.0.0)
    selenium-webdriver (2.52.0)
      childprocess (~> 0.5)
      multi_json (~> 1.0)
      rubyzip (~> 1.0)
      websocket (~> 1.0)
    sendgrid (0.1.4)
    shoulda (2.10.3)
    sqlite3 (1.3.5)
    system_timer (1.2.4)
    term-ansicolor (1.0.7)
    test-unit (1.2.3)
      hoe (>= 1.5.1)
    thoughtbot-clearance (0.8.2)
    timecop (0.3.5)
    uuidtools (2.1.4)
    websocket (1.2.2)
    will_paginate (2.3.14)
    xml-simple (1.0.12)
    xpath (0.1.4)
      nokogiri (~> 1.3)
    yfactorial-utility_scopes (0.2.2)
      activerecord (>= 2.1.0)

PLATFORMS
  ruby

DEPENDENCIES
  ambethia-smtp-tls (= 1.1.2)
  aws-s3 (= 0.6.2)
  aws-sdk (~> 1.5.0)
  capybara (~> 1.1.2)
  compass-rails (~> 1.0.3)
  cucumber (= 1.1.0)
  cucumber-rails2 (~> 0.3.2)
  database_cleaner (= 0.5.0)
  delayed_job (= 2.0.6)
  email_spec (= 0.4.0)
  engineyard (~> 1.4.29)
  ey_config
  factory_girl (~> 1.2.1)
  fakeweb (~> 1.2.5)
  fastercsv (= 1.5.1)
  formtastic (~> 0.2.2)
  friendly_id (= 2.2.5)
  geoip (= 1.2.1)
  geokit (= 1.5.0)
  haml (~> 3.1.7)
  has_scope (= 0.4.2)
  i18n (= 0.3.7)
  inherited_resources (= 1.0.4)
  jferris-mocha (= 0.9.5.0.1241126838)
  json
  libxml-ruby (= 2.9.0)
  mime-types (= 1.16)
  multi_json (= 1.0.4)
  mysql2 (= 0.2.24)
  newrelic_rpm
  paperclip (~> 2.7.0)
  pickle (~> 0.4.7)
  poltergeist (~> 1.0.1)
  rails (= 2.3.18)
  rake (~> 0.9.0)
  redis (~> 2.2.1)
  redis-store (= 1.0.0.1)
  responders (= 0.4.8)
  rspec (= 1.3.2)
  rspec-rails (= 1.3.4)
  sax-machine (= 0.0.14)
  sendgrid (= 0.1.4)
  shoulda (~> 2.10.1)
  sqlite3 (>= 1.3.3)
  system_timer (~> 1.2.4)
  test-unit (= 1.2.3)
  thoughtbot-clearance (= 0.8.2)
  timecop (= 0.3.5)
  will_paginate (= 2.3.14)
  xml-simple (= 1.0.12)
  yfactorial-utility_scopes (= 0.2.2)

BUNDLED WITH
   1.16.4
