GEM
  remote: https://rubygems.org/
  remote: http://gems.github.com/
  specs:
    actioncable (5.2.1)
      actionpack (= 5.2.1)
      nio4r (~> 2.0)
      websocket-driver (>= 0.6.1)
    actionmailer (5.2.1)
      actionpack (= 5.2.1)
      actionview (= 5.2.1)
      activejob (= 5.2.1)
      mail (~> 2.5, >= 2.5.4)
      rails-dom-testing (~> 2.0)
    actionpack (5.2.1)
      actionview (= 5.2.1)
      activesupport (= 5.2.1)
      rack (~> 2.0)
      rack-test (>= 0.6.3)
      rails-dom-testing (~> 2.0)
      rails-html-sanitizer (~> 1.0, >= 1.0.2)
    actionview (5.2.1)
      activesupport (= 5.2.1)
      builder (~> 3.1)
      erubi (~> 1.4)
      rails-dom-testing (~> 2.0)
      rails-html-sanitizer (~> 1.0, >= 1.0.3)
    activejob (5.2.1)
      activesupport (= 5.2.1)
      globalid (>= 0.3.6)
    activemodel (5.2.1)
      activesupport (= 5.2.1)
    activemodel-serializers-xml (1.0.2)
      activemodel (> 5.x)
      activesupport (> 5.x)
      builder (~> 3.1)
    activerecord (5.2.1)
      activemodel (= 5.2.1)
      activesupport (= 5.2.1)
      arel (>= 9.0)
    activeresource (5.0.0)
      activemodel (>= 5.0, < 6)
      activemodel-serializers-xml (~> 1.0)
      activesupport (>= 5.0, < 6)
    activestorage (5.2.1)
      actionpack (= 5.2.1)
      activerecord (= 5.2.1)
      marcel (~> 0.3.1)
    activesupport (5.2.1)
      concurrent-ruby (~> 1.0, >= 1.0.2)
      i18n (>= 0.7, < 2)
      minitest (~> 5.1)
      tzinfo (~> 1.1)
    addressable (2.5.2)
      public_suffix (>= 2.0.2, < 4.0)
    arel (9.0.0)
    aws-eventstream (1.0.1)
    aws-partitions (1.103.0)
    aws-sdk (3.0.1)
      aws-sdk-resources (~> 3)
    aws-sdk-acm (1.11.0)
      aws-sdk-core (~> 3, >= 3.26.0)
      aws-sigv4 (~> 1.0)
    aws-sdk-acmpca (1.4.0)
      aws-sdk-core (~> 3, >= 3.26.0)
      aws-sigv4 (~> 1.0)
    aws-sdk-alexaforbusiness (1.9.0)
      aws-sdk-core (~> 3, >= 3.26.0)
      aws-sigv4 (~> 1.0)
    aws-sdk-apigateway (1.16.0)
      aws-sdk-core (~> 3, >= 3.26.0)
      aws-sigv4 (~> 1.0)
    aws-sdk-applicationautoscaling (1.13.0)
      aws-sdk-core (~> 3, >= 3.26.0)
      aws-sigv4 (~> 1.0)
    aws-sdk-applicationdiscoveryservice (1.5.0)
      aws-sdk-core (~> 3, >= 3.26.0)
      aws-sigv4 (~> 1.0)
    aws-sdk-appstream (1.15.0)
      aws-sdk-core (~> 3, >= 3.26.0)
      aws-sigv4 (~> 1.0)
    aws-sdk-appsync (1.6.0)
      aws-sdk-core (~> 3, >= 3.26.0)
      aws-sigv4 (~> 1.0)
    aws-sdk-athena (1.3.0)
      aws-sdk-core (~> 3, >= 3.26.0)
      aws-sigv4 (~> 1.0)
    aws-sdk-autoscaling (1.9.0)
      aws-sdk-core (~> 3, >= 3.26.0)
      aws-sigv4 (~> 1.0)
    aws-sdk-autoscalingplans (1.5.0)
      aws-sdk-core (~> 3, >= 3.26.0)
      aws-sigv4 (~> 1.0)
    aws-sdk-batch (1.7.0)
      aws-sdk-core (~> 3, >= 3.26.0)
      aws-sigv4 (~> 1.0)
    aws-sdk-budgets (1.10.0)
      aws-sdk-core (~> 3, >= 3.26.0)
      aws-sigv4 (~> 1.0)
    aws-sdk-cloud9 (1.4.0)
      aws-sdk-core (~> 3, >= 3.26.0)
      aws-sigv4 (~> 1.0)
    aws-sdk-clouddirectory (1.7.0)
      aws-sdk-core (~> 3, >= 3.26.0)
      aws-sigv4 (~> 1.0)
    aws-sdk-cloudformation (1.8.0)
      aws-sdk-core (~> 3, >= 3.26.0)
      aws-sigv4 (~> 1.0)
    aws-sdk-cloudfront (1.7.0)
      aws-sdk-core (~> 3, >= 3.26.0)
      aws-sigv4 (~> 1.0)
    aws-sdk-cloudhsm (1.6.0)
      aws-sdk-core (~> 3, >= 3.26.0)
      aws-sigv4 (~> 1.0)
    aws-sdk-cloudhsmv2 (1.5.0)
      aws-sdk-core (~> 3, >= 3.26.0)
      aws-sigv4 (~> 1.0)
    aws-sdk-cloudsearch (1.3.0)
      aws-sdk-core (~> 3, >= 3.26.0)
      aws-sigv4 (~> 1.0)
    aws-sdk-cloudsearchdomain (1.3.0)
      aws-sdk-core (~> 3, >= 3.26.0)
      aws-sigv4 (~> 1.0)
    aws-sdk-cloudtrail (1.3.0)
      aws-sdk-core (~> 3, >= 3.26.0)
      aws-sigv4 (~> 1.0)
    aws-sdk-cloudwatch (1.8.0)
      aws-sdk-core (~> 3, >= 3.26.0)
      aws-sigv4 (~> 1.0)
    aws-sdk-cloudwatchevents (1.7.0)
      aws-sdk-core (~> 3, >= 3.26.0)
      aws-sigv4 (~> 1.0)
    aws-sdk-cloudwatchlogs (1.7.0)
      aws-sdk-core (~> 3, >= 3.26.0)
      aws-sigv4 (~> 1.0)
    aws-sdk-codebuild (1.17.0)
      aws-sdk-core (~> 3, >= 3.26.0)
      aws-sigv4 (~> 1.0)
    aws-sdk-codecommit (1.7.0)
      aws-sdk-core (~> 3, >= 3.26.0)
      aws-sigv4 (~> 1.0)
    aws-sdk-codedeploy (1.8.0)
      aws-sdk-core (~> 3, >= 3.26.0)
      aws-sigv4 (~> 1.0)
    aws-sdk-codepipeline (1.7.0)
      aws-sdk-core (~> 3, >= 3.26.0)
      aws-sigv4 (~> 1.0)
    aws-sdk-codestar (1.4.0)
      aws-sdk-core (~> 3, >= 3.26.0)
      aws-sigv4 (~> 1.0)
    aws-sdk-cognitoidentity (1.3.0)
      aws-sdk-core (~> 3, >= 3.26.0)
      aws-sigv4 (~> 1.0)
    aws-sdk-cognitoidentityprovider (1.8.0)
      aws-sdk-core (~> 3, >= 3.26.0)
      aws-sigv4 (~> 1.0)
    aws-sdk-cognitosync (1.3.0)
      aws-sdk-core (~> 3, >= 3.26.0)
      aws-sigv4 (~> 1.0)
    aws-sdk-comprehend (1.5.0)
      aws-sdk-core (~> 3, >= 3.26.0)
      aws-sigv4 (~> 1.0)
    aws-sdk-configservice (1.15.0)
      aws-sdk-core (~> 3, >= 3.26.0)
      aws-sigv4 (~> 1.0)
    aws-sdk-connect (1.4.0)
      aws-sdk-core (~> 3, >= 3.26.0)
      aws-sigv4 (~> 1.0)
    aws-sdk-core (3.27.0)
      aws-eventstream (~> 1.0)
      aws-partitions (~> 1.0)
      aws-sigv4 (~> 1.0)
      jmespath (~> 1.0)
    aws-sdk-costandusagereportservice (1.3.0)
      aws-sdk-core (~> 3, >= 3.26.0)
      aws-sigv4 (~> 1.0)
    aws-sdk-costexplorer (1.9.0)
      aws-sdk-core (~> 3, >= 3.26.0)
      aws-sigv4 (~> 1.0)
    aws-sdk-databasemigrationservice (1.9.0)
      aws-sdk-core (~> 3, >= 3.26.0)
      aws-sigv4 (~> 1.0)
    aws-sdk-datapipeline (1.3.0)
      aws-sdk-core (~> 3, >= 3.26.0)
      aws-sigv4 (~> 1.0)
    aws-sdk-dax (1.5.0)
      aws-sdk-core (~> 3, >= 3.26.0)
      aws-sigv4 (~> 1.0)
    aws-sdk-devicefarm (1.10.0)
      aws-sdk-core (~> 3, >= 3.26.0)
      aws-sigv4 (~> 1.0)
    aws-sdk-directconnect (1.5.0)
      aws-sdk-core (~> 3, >= 3.26.0)
      aws-sigv4 (~> 1.0)
    aws-sdk-directoryservice (1.5.0)
      aws-sdk-core (~> 3, >= 3.26.0)
      aws-sigv4 (~> 1.0)
    aws-sdk-dlm (1.3.0)
      aws-sdk-core (~> 3, >= 3.26.0)
      aws-sigv4 (~> 1.0)
    aws-sdk-dynamodb (1.13.0)
      aws-sdk-core (~> 3, >= 3.26.0)
      aws-sigv4 (~> 1.0)
    aws-sdk-dynamodbstreams (1.3.0)
      aws-sdk-core (~> 3, >= 3.26.0)
      aws-sigv4 (~> 1.0)
    aws-sdk-ec2 (1.45.0)
      aws-sdk-core (~> 3, >= 3.26.0)
      aws-sigv4 (~> 1.0)
    aws-sdk-ecr (1.6.0)
      aws-sdk-core (~> 3, >= 3.26.0)
      aws-sigv4 (~> 1.0)
    aws-sdk-ecs (1.19.0)
      aws-sdk-core (~> 3, >= 3.26.0)
      aws-sigv4 (~> 1.0)
    aws-sdk-efs (1.4.0)
      aws-sdk-core (~> 3, >= 3.26.0)
      aws-sigv4 (~> 1.0)
    aws-sdk-eks (1.4.0)
      aws-sdk-core (~> 3, >= 3.26.0)
      aws-sigv4 (~> 1.0)
    aws-sdk-elasticache (1.6.0)
      aws-sdk-core (~> 3, >= 3.26.0)
      aws-sigv4 (~> 1.0)
    aws-sdk-elasticbeanstalk (1.11.0)
      aws-sdk-core (~> 3, >= 3.26.0)
      aws-sigv4 (~> 1.0)
    aws-sdk-elasticloadbalancing (1.5.0)
      aws-sdk-core (~> 3, >= 3.26.0)
      aws-sigv4 (~> 1.0)
    aws-sdk-elasticloadbalancingv2 (1.14.0)
      aws-sdk-core (~> 3, >= 3.26.0)
      aws-sigv4 (~> 1.0)
    aws-sdk-elasticsearchservice (1.10.0)
      aws-sdk-core (~> 3, >= 3.26.0)
      aws-sigv4 (~> 1.0)
    aws-sdk-elastictranscoder (1.3.0)
      aws-sdk-core (~> 3, >= 3.26.0)
      aws-sigv4 (~> 1.0)
    aws-sdk-emr (1.5.0)
      aws-sdk-core (~> 3, >= 3.26.0)
      aws-sigv4 (~> 1.0)
    aws-sdk-firehose (1.6.0)
      aws-sdk-core (~> 3, >= 3.26.0)
      aws-sigv4 (~> 1.0)
    aws-sdk-fms (1.3.0)
      aws-sdk-core (~> 3, >= 3.26.0)
      aws-sigv4 (~> 1.0)
    aws-sdk-gamelift (1.7.0)
      aws-sdk-core (~> 3, >= 3.26.0)
      aws-sigv4 (~> 1.0)
    aws-sdk-glacier (1.11.0)
      aws-sdk-core (~> 3, >= 3.26.0)
      aws-sigv4 (~> 1.0)
    aws-sdk-glue (1.16.0)
      aws-sdk-core (~> 3, >= 3.26.0)
      aws-sigv4 (~> 1.0)
    aws-sdk-greengrass (1.7.0)
      aws-sdk-core (~> 3, >= 3.26.0)
      aws-sigv4 (~> 1.0)
    aws-sdk-guardduty (1.7.0)
      aws-sdk-core (~> 3, >= 3.26.0)
      aws-sigv4 (~> 1.0)
    aws-sdk-health (1.5.0)
      aws-sdk-core (~> 3, >= 3.26.0)
      aws-sigv4 (~> 1.0)
    aws-sdk-iam (1.8.0)
      aws-sdk-core (~> 3, >= 3.26.0)
      aws-sigv4 (~> 1.0)
    aws-sdk-importexport (1.3.0)
      aws-sdk-core (~> 3, >= 3.26.0)
      aws-sigv2 (~> 1.0)
    aws-sdk-inspector (1.8.0)
      aws-sdk-core (~> 3, >= 3.26.0)
      aws-sigv4 (~> 1.0)
    aws-sdk-iot (1.15.0)
      aws-sdk-core (~> 3, >= 3.26.0)
      aws-sigv4 (~> 1.0)
    aws-sdk-iot1clickdevicesservice (1.3.0)
      aws-sdk-core (~> 3, >= 3.26.0)
      aws-sigv4 (~> 1.0)
    aws-sdk-iot1clickprojects (1.3.0)
      aws-sdk-core (~> 3, >= 3.26.0)
      aws-sigv4 (~> 1.0)
    aws-sdk-iotanalytics (1.7.0)
      aws-sdk-core (~> 3, >= 3.26.0)
      aws-sigv4 (~> 1.0)
    aws-sdk-iotdataplane (1.3.0)
      aws-sdk-core (~> 3, >= 3.26.0)
      aws-sigv4 (~> 1.0)
    aws-sdk-iotjobsdataplane (1.3.0)
      aws-sdk-core (~> 3, >= 3.26.0)
      aws-sigv4 (~> 1.0)
    aws-sdk-kinesis (1.6.0)
      aws-sdk-core (~> 3, >= 3.26.0)
      aws-sigv4 (~> 1.0)
    aws-sdk-kinesisanalytics (1.5.0)
      aws-sdk-core (~> 3, >= 3.26.0)
      aws-sigv4 (~> 1.0)
    aws-sdk-kinesisvideo (1.4.0)
      aws-sdk-core (~> 3, >= 3.26.0)
      aws-sigv4 (~> 1.0)
    aws-sdk-kinesisvideoarchivedmedia (1.4.0)
      aws-sdk-core (~> 3, >= 3.26.0)
      aws-sigv4 (~> 1.0)
    aws-sdk-kinesisvideomedia (1.3.0)
      aws-sdk-core (~> 3, >= 3.26.0)
      aws-sigv4 (~> 1.0)
    aws-sdk-kms (1.9.0)
      aws-sdk-core (~> 3, >= 3.26.0)
      aws-sigv4 (~> 1.0)
    aws-sdk-lambda (1.10.0)
      aws-sdk-core (~> 3, >= 3.26.0)
      aws-sigv4 (~> 1.0)
    aws-sdk-lambdapreview (1.3.0)
      aws-sdk-core (~> 3, >= 3.26.0)
      aws-sigv4 (~> 1.0)
    aws-sdk-lex (1.6.0)
      aws-sdk-core (~> 3, >= 3.26.0)
      aws-sigv4 (~> 1.0)
    aws-sdk-lexmodelbuildingservice (1.9.0)
      aws-sdk-core (~> 3, >= 3.26.0)
      aws-sigv4 (~> 1.0)
    aws-sdk-lightsail (1.7.0)
      aws-sdk-core (~> 3, >= 3.26.0)
      aws-sigv4 (~> 1.0)
    aws-sdk-machinelearning (1.3.0)
      aws-sdk-core (~> 3, >= 3.26.0)
      aws-sigv4 (~> 1.0)
    aws-sdk-macie (1.3.0)
      aws-sdk-core (~> 3, >= 3.26.0)
      aws-sigv4 (~> 1.0)
    aws-sdk-marketplacecommerceanalytics (1.3.0)
      aws-sdk-core (~> 3, >= 3.26.0)
      aws-sigv4 (~> 1.0)
    aws-sdk-marketplaceentitlementservice (1.3.0)
      aws-sdk-core (~> 3, >= 3.26.0)
      aws-sigv4 (~> 1.0)
    aws-sdk-marketplacemetering (1.3.0)
      aws-sdk-core (~> 3, >= 3.26.0)
      aws-sigv4 (~> 1.0)
    aws-sdk-mediaconvert (1.12.0)
      aws-sdk-core (~> 3, >= 3.26.0)
      aws-sigv4 (~> 1.0)
    aws-sdk-medialive (1.11.0)
      aws-sdk-core (~> 3, >= 3.26.0)
      aws-sigv4 (~> 1.0)
    aws-sdk-mediapackage (1.6.0)
      aws-sdk-core (~> 3, >= 3.26.0)
      aws-sigv4 (~> 1.0)
    aws-sdk-mediastore (1.4.0)
      aws-sdk-core (~> 3, >= 3.26.0)
      aws-sigv4 (~> 1.0)
    aws-sdk-mediastoredata (1.4.0)
      aws-sdk-core (~> 3, >= 3.26.0)
      aws-sigv4 (~> 1.0)
    aws-sdk-mediatailor (1.4.0)
      aws-sdk-core (~> 3, >= 3.26.0)
      aws-sigv4 (~> 1.0)
    aws-sdk-migrationhub (1.5.0)
      aws-sdk-core (~> 3, >= 3.26.0)
      aws-sigv4 (~> 1.0)
    aws-sdk-mobile (1.3.0)
      aws-sdk-core (~> 3, >= 3.26.0)
      aws-sigv4 (~> 1.0)
    aws-sdk-mq (1.4.0)
      aws-sdk-core (~> 3, >= 3.26.0)
      aws-sigv4 (~> 1.0)
    aws-sdk-mturk (1.6.0)
      aws-sdk-core (~> 3, >= 3.26.0)
      aws-sigv4 (~> 1.0)
    aws-sdk-neptune (1.4.0)
      aws-sdk-core (~> 3, >= 3.26.0)
      aws-sigv4 (~> 1.0)
    aws-sdk-opsworks (1.6.0)
      aws-sdk-core (~> 3, >= 3.26.0)
      aws-sigv4 (~> 1.0)
    aws-sdk-opsworkscm (1.5.0)
      aws-sdk-core (~> 3, >= 3.26.0)
      aws-sigv4 (~> 1.0)
    aws-sdk-organizations (1.12.0)
      aws-sdk-core (~> 3, >= 3.26.0)
      aws-sigv4 (~> 1.0)
    aws-sdk-pi (1.3.0)
      aws-sdk-core (~> 3, >= 3.26.0)
      aws-sigv4 (~> 1.0)
    aws-sdk-pinpoint (1.9.0)
      aws-sdk-core (~> 3, >= 3.26.0)
      aws-sigv4 (~> 1.0)
    aws-sdk-polly (1.10.0)
      aws-sdk-core (~> 3, >= 3.26.0)
      aws-sigv4 (~> 1.0)
    aws-sdk-pricing (1.3.0)
      aws-sdk-core (~> 3, >= 3.26.0)
      aws-sigv4 (~> 1.0)
    aws-sdk-rds (1.29.0)
      aws-sdk-core (~> 3, >= 3.26.0)
      aws-sigv4 (~> 1.0)
    aws-sdk-redshift (1.10.0)
      aws-sdk-core (~> 3, >= 3.26.0)
      aws-sigv4 (~> 1.0)
    aws-sdk-rekognition (1.9.0)
      aws-sdk-core (~> 3, >= 3.26.0)
      aws-sigv4 (~> 1.0)
    aws-sdk-resourcegroups (1.4.0)
      aws-sdk-core (~> 3, >= 3.26.0)
      aws-sigv4 (~> 1.0)
    aws-sdk-resourcegroupstaggingapi (1.3.0)
      aws-sdk-core (~> 3, >= 3.26.0)
      aws-sigv4 (~> 1.0)
    aws-sdk-resources (3.25.0)
      aws-sdk-acm (~> 1)
      aws-sdk-acmpca (~> 1)
      aws-sdk-alexaforbusiness (~> 1)
      aws-sdk-apigateway (~> 1)
      aws-sdk-applicationautoscaling (~> 1)
      aws-sdk-applicationdiscoveryservice (~> 1)
      aws-sdk-appstream (~> 1)
      aws-sdk-appsync (~> 1)
      aws-sdk-athena (~> 1)
      aws-sdk-autoscaling (~> 1)
      aws-sdk-autoscalingplans (~> 1)
      aws-sdk-batch (~> 1)
      aws-sdk-budgets (~> 1)
      aws-sdk-cloud9 (~> 1)
      aws-sdk-clouddirectory (~> 1)
      aws-sdk-cloudformation (~> 1)
      aws-sdk-cloudfront (~> 1)
      aws-sdk-cloudhsm (~> 1)
      aws-sdk-cloudhsmv2 (~> 1)
      aws-sdk-cloudsearch (~> 1)
      aws-sdk-cloudsearchdomain (~> 1)
      aws-sdk-cloudtrail (~> 1)
      aws-sdk-cloudwatch (~> 1)
      aws-sdk-cloudwatchevents (~> 1)
      aws-sdk-cloudwatchlogs (~> 1)
      aws-sdk-codebuild (~> 1)
      aws-sdk-codecommit (~> 1)
      aws-sdk-codedeploy (~> 1)
      aws-sdk-codepipeline (~> 1)
      aws-sdk-codestar (~> 1)
      aws-sdk-cognitoidentity (~> 1)
      aws-sdk-cognitoidentityprovider (~> 1)
      aws-sdk-cognitosync (~> 1)
      aws-sdk-comprehend (~> 1)
      aws-sdk-configservice (~> 1)
      aws-sdk-connect (~> 1)
      aws-sdk-costandusagereportservice (~> 1)
      aws-sdk-costexplorer (~> 1)
      aws-sdk-databasemigrationservice (~> 1)
      aws-sdk-datapipeline (~> 1)
      aws-sdk-dax (~> 1)
      aws-sdk-devicefarm (~> 1)
      aws-sdk-directconnect (~> 1)
      aws-sdk-directoryservice (~> 1)
      aws-sdk-dlm (~> 1)
      aws-sdk-dynamodb (~> 1)
      aws-sdk-dynamodbstreams (~> 1)
      aws-sdk-ec2 (~> 1)
      aws-sdk-ecr (~> 1)
      aws-sdk-ecs (~> 1)
      aws-sdk-efs (~> 1)
      aws-sdk-eks (~> 1)
      aws-sdk-elasticache (~> 1)
      aws-sdk-elasticbeanstalk (~> 1)
      aws-sdk-elasticloadbalancing (~> 1)
      aws-sdk-elasticloadbalancingv2 (~> 1)
      aws-sdk-elasticsearchservice (~> 1)
      aws-sdk-elastictranscoder (~> 1)
      aws-sdk-emr (~> 1)
      aws-sdk-firehose (~> 1)
      aws-sdk-fms (~> 1)
      aws-sdk-gamelift (~> 1)
      aws-sdk-glacier (~> 1)
      aws-sdk-glue (~> 1)
      aws-sdk-greengrass (~> 1)
      aws-sdk-guardduty (~> 1)
      aws-sdk-health (~> 1)
      aws-sdk-iam (~> 1)
      aws-sdk-importexport (~> 1)
      aws-sdk-inspector (~> 1)
      aws-sdk-iot (~> 1)
      aws-sdk-iot1clickdevicesservice (~> 1)
      aws-sdk-iot1clickprojects (~> 1)
      aws-sdk-iotanalytics (~> 1)
      aws-sdk-iotdataplane (~> 1)
      aws-sdk-iotjobsdataplane (~> 1)
      aws-sdk-kinesis (~> 1)
      aws-sdk-kinesisanalytics (~> 1)
      aws-sdk-kinesisvideo (~> 1)
      aws-sdk-kinesisvideoarchivedmedia (~> 1)
      aws-sdk-kinesisvideomedia (~> 1)
      aws-sdk-kms (~> 1)
      aws-sdk-lambda (~> 1)
      aws-sdk-lambdapreview (~> 1)
      aws-sdk-lex (~> 1)
      aws-sdk-lexmodelbuildingservice (~> 1)
      aws-sdk-lightsail (~> 1)
      aws-sdk-machinelearning (~> 1)
      aws-sdk-macie (~> 1)
      aws-sdk-marketplacecommerceanalytics (~> 1)
      aws-sdk-marketplaceentitlementservice (~> 1)
      aws-sdk-marketplacemetering (~> 1)
      aws-sdk-mediaconvert (~> 1)
      aws-sdk-medialive (~> 1)
      aws-sdk-mediapackage (~> 1)
      aws-sdk-mediastore (~> 1)
      aws-sdk-mediastoredata (~> 1)
      aws-sdk-mediatailor (~> 1)
      aws-sdk-migrationhub (~> 1)
      aws-sdk-mobile (~> 1)
      aws-sdk-mq (~> 1)
      aws-sdk-mturk (~> 1)
      aws-sdk-neptune (~> 1)
      aws-sdk-opsworks (~> 1)
      aws-sdk-opsworkscm (~> 1)
      aws-sdk-organizations (~> 1)
      aws-sdk-pi (~> 1)
      aws-sdk-pinpoint (~> 1)
      aws-sdk-polly (~> 1)
      aws-sdk-pricing (~> 1)
      aws-sdk-rds (~> 1)
      aws-sdk-redshift (~> 1)
      aws-sdk-rekognition (~> 1)
      aws-sdk-resourcegroups (~> 1)
      aws-sdk-resourcegroupstaggingapi (~> 1)
      aws-sdk-route53 (~> 1)
      aws-sdk-route53domains (~> 1)
      aws-sdk-s3 (~> 1)
      aws-sdk-sagemaker (~> 1)
      aws-sdk-sagemakerruntime (~> 1)
      aws-sdk-secretsmanager (~> 1)
      aws-sdk-serverlessapplicationrepository (~> 1)
      aws-sdk-servicecatalog (~> 1)
      aws-sdk-servicediscovery (~> 1)
      aws-sdk-ses (~> 1)
      aws-sdk-shield (~> 1)
      aws-sdk-signer (~> 1)
      aws-sdk-simpledb (~> 1)
      aws-sdk-sms (~> 1)
      aws-sdk-snowball (~> 1)
      aws-sdk-sns (~> 1)
      aws-sdk-sqs (~> 1)
      aws-sdk-ssm (~> 1)
      aws-sdk-states (~> 1)
      aws-sdk-storagegateway (~> 1)
      aws-sdk-support (~> 1)
      aws-sdk-swf (~> 1)
      aws-sdk-transcribeservice (~> 1)
      aws-sdk-translate (~> 1)
      aws-sdk-waf (~> 1)
      aws-sdk-wafregional (~> 1)
      aws-sdk-workdocs (~> 1)
      aws-sdk-workmail (~> 1)
      aws-sdk-workspaces (~> 1)
      aws-sdk-xray (~> 1)
    aws-sdk-route53 (1.12.0)
      aws-sdk-core (~> 3, >= 3.26.0)
      aws-sigv4 (~> 1.0)
    aws-sdk-route53domains (1.5.0)
      aws-sdk-core (~> 3, >= 3.26.0)
      aws-sigv4 (~> 1.0)
    aws-sdk-s3 (1.19.0)
      aws-sdk-core (~> 3, >= 3.26.0)
      aws-sdk-kms (~> 1)
      aws-sigv4 (~> 1.0)
    aws-sdk-sagemaker (1.18.0)
      aws-sdk-core (~> 3, >= 3.26.0)
      aws-sigv4 (~> 1.0)
    aws-sdk-sagemakerruntime (1.4.0)
      aws-sdk-core (~> 3, >= 3.26.0)
      aws-sigv4 (~> 1.0)
    aws-sdk-secretsmanager (1.14.0)
      aws-sdk-core (~> 3, >= 3.26.0)
      aws-sigv4 (~> 1.0)
    aws-sdk-serverlessapplicationrepository (1.6.0)
      aws-sdk-core (~> 3, >= 3.26.0)
      aws-sigv4 (~> 1.0)
    aws-sdk-servicecatalog (1.8.0)
      aws-sdk-core (~> 3, >= 3.26.0)
      aws-sigv4 (~> 1.0)
    aws-sdk-servicediscovery (1.5.0)
      aws-sdk-core (~> 3, >= 3.26.0)
      aws-sigv4 (~> 1.0)
    aws-sdk-ses (1.10.0)
      aws-sdk-core (~> 3, >= 3.26.0)
      aws-sigv4 (~> 1.0)
    aws-sdk-shield (1.5.0)
      aws-sdk-core (~> 3, >= 3.26.0)
      aws-sigv4 (~> 1.0)
    aws-sdk-signer (1.2.0)
      aws-sdk-core (~> 3)
      aws-sigv4 (~> 1.0)
    aws-sdk-simpledb (1.3.0)
      aws-sdk-core (~> 3, >= 3.26.0)
      aws-sigv2 (~> 1.0)
    aws-sdk-sms (1.3.0)
      aws-sdk-core (~> 3, >= 3.26.0)
      aws-sigv4 (~> 1.0)
    aws-sdk-snowball (1.7.0)
      aws-sdk-core (~> 3, >= 3.26.0)
      aws-sigv4 (~> 1.0)
    aws-sdk-sns (1.5.0)
      aws-sdk-core (~> 3, >= 3.26.0)
      aws-sigv4 (~> 1.0)
    aws-sdk-sqs (1.6.0)
      aws-sdk-core (~> 3, >= 3.26.0)
      aws-sigv4 (~> 1.0)
    aws-sdk-ssm (1.25.0)
      aws-sdk-core (~> 3, >= 3.26.0)
      aws-sigv4 (~> 1.0)
    aws-sdk-states (1.5.0)
      aws-sdk-core (~> 3, >= 3.26.0)
      aws-sigv4 (~> 1.0)
    aws-sdk-storagegateway (1.9.0)
      aws-sdk-core (~> 3, >= 3.26.0)
      aws-sigv4 (~> 1.0)
    aws-sdk-support (1.3.0)
      aws-sdk-core (~> 3, >= 3.26.0)
      aws-sigv4 (~> 1.0)
    aws-sdk-swf (1.3.0)
      aws-sdk-core (~> 3, >= 3.26.0)
      aws-sigv4 (~> 1.0)
    aws-sdk-transcribeservice (1.6.0)
      aws-sdk-core (~> 3, >= 3.26.0)
      aws-sigv4 (~> 1.0)
    aws-sdk-translate (1.4.0)
      aws-sdk-core (~> 3, >= 3.26.0)
      aws-sigv4 (~> 1.0)
    aws-sdk-waf (1.8.0)
      aws-sdk-core (~> 3, >= 3.26.0)
      aws-sigv4 (~> 1.0)
    aws-sdk-wafregional (1.8.0)
      aws-sdk-core (~> 3, >= 3.26.0)
      aws-sigv4 (~> 1.0)
    aws-sdk-workdocs (1.4.0)
      aws-sdk-core (~> 3, >= 3.26.0)
      aws-sigv4 (~> 1.0)
    aws-sdk-workmail (1.4.0)
      aws-sdk-core (~> 3, >= 3.26.0)
      aws-sigv4 (~> 1.0)
    aws-sdk-workspaces (1.5.0)
      aws-sdk-core (~> 3, >= 3.26.0)
      aws-sigv4 (~> 1.0)
    aws-sdk-xray (1.6.0)
      aws-sdk-core (~> 3, >= 3.26.0)
      aws-sigv4 (~> 1.0)
    aws-sigv2 (1.0.1)
    aws-sigv4 (1.0.3)
    backports (3.11.4)
    bcrypt (3.1.12)
    bootsnap (1.3.1)
      msgpack (~> 1.0)
    builder (3.2.3)
    byebug (10.0.2)
    capybara (3.7.1)
      addressable
      mini_mime (>= 0.1.3)
      nokogiri (~> 1.8)
      rack (>= 1.6.0)
      rack-test (>= 0.6.3)
      xpath (~> 3.1)
    capybara-screenshot (1.0.21)
      capybara (>= 1.0, < 4)
      launchy
    chunky_png (1.3.10)
    clearance (1.16.1)
      bcrypt
      email_validator (~> 1.4)
      rails (>= 3.1)
    climate_control (0.2.0)
    cliver (0.3.2)
    cocaine (0.5.8)
      climate_control (>= 0.0.3, < 1.0)
    compass (1.0.3)
      chunky_png (~> 1.2)
      compass-core (~> 1.0.2)
      compass-import-once (~> 1.0.5)
      rb-fsevent (>= 0.9.3)
      rb-inotify (>= 0.9)
      sass (>= 3.3.13, < 3.5)
    compass-core (1.0.3)
      multi_json (~> 1.0)
      sass (>= 3.3.0, < 3.5)
    compass-import-once (1.0.5)
      sass (>= 3.2, < 3.5)
    compass-rails (3.1.0)
      compass (~> 1.0.0)
      sass-rails (< 5.1)
      sprockets (< 4.0)
    concurrent-ruby (1.0.5)
    crass (1.0.4)
    cucumber (3.1.2)
      builder (>= 2.1.2)
      cucumber-core (~> 3.2.0)
      cucumber-expressions (~> 6.0.1)
      cucumber-wire (~> 0.0.1)
      diff-lcs (~> 1.3)
      gherkin (~> 5.1.0)
      multi_json (>= 1.7.5, < 2.0)
      multi_test (>= 0.1.2)
    cucumber-core (3.2.0)
      backports (>= 3.8.0)
      cucumber-tag_expressions (~> 1.1.0)
      gherkin (>= 5.0.0)
    cucumber-expressions (6.0.1)
    cucumber-rails (1.6.0)
      capybara (>= 1.1.2, < 4)
      cucumber (>= 3.0.2, < 4)
      mime-types (>= 1.17, < 4)
      nokogiri (~> 1.8)
      railties (>= 4, < 6)
    cucumber-tag_expressions (1.1.1)
    cucumber-wire (0.0.1)
    database_cleaner (1.7.0)
    delayed_job (4.1.5)
      activesupport (>= 3.0, < 5.3)
    delayed_job_active_record (4.1.3)
      activerecord (>= 3.0, < 5.3)
      delayed_job (>= 3.0, < 5)
    diff-lcs (1.3)
    docile (1.3.1)
    email_spec (2.2.0)
      htmlentities (~> 4.3.3)
      launchy (~> 2.1)
      mail (~> 2.7)
    email_validator (1.6.0)
      activemodel
    erubi (1.7.1)
    factory_bot (4.11.0)
      activesupport (>= 3.0.0)
    fastercsv (1.5.5)
    ffi (1.9.25)
    formtastic (3.1.5)
      actionpack (>= 3.2.13)
    friendly_id (5.2.4)
      activerecord (>= 4.0.0)
    geoip (1.6.4)
    geokit (1.13.1)
    gherkin (5.1.0)
    globalid (0.4.1)
      activesupport (>= 4.2.0)
    haml (5.0.4)
      temple (>= 0.8.0)
      tilt
    has_scope (0.7.2)
      actionpack (>= 4.1)
      activesupport (>= 4.1)
    htmlentities (4.3.4)
    i18n (1.1.0)
      concurrent-ruby (~> 1.0)
    inherited_resources (1.9.0)
      actionpack (>= 4.2, < 5.3)
      has_scope (~> 0.6)
      railties (>= 4.2, < 5.3)
      responders
    jmespath (1.4.0)
    json (2.1.0)
    launchy (2.4.3)
      addressable (~> 2.3)
    listen (3.1.5)
      rb-fsevent (~> 0.9, >= 0.9.4)
      rb-inotify (~> 0.9, >= 0.9.7)
      ruby_dep (~> 1.2)
    loofah (2.2.2)
      crass (~> 1.0.2)
      nokogiri (>= 1.5.9)
    mail (2.7.0)
      mini_mime (>= 0.1.1)
    marcel (0.3.2)
      mimemagic (~> 0.3.2)
    method_source (0.9.0)
    mime-types (3.2.2)
      mime-types-data (~> 3.2015)
    mime-types-data (3.2018.0812)
    mimemagic (0.3.2)
    mini_mime (1.0.1)
    mini_portile2 (2.3.0)
    minitest (5.11.3)
    msgpack (1.2.4)
    multi_json (1.13.1)
    multi_test (0.1.2)
    mysql2 (0.5.2)
    nio4r (2.3.1)
    nokogiri (1.8.4)
      mini_portile2 (~> 2.3.0)
    paperclip (5.2.1)
      activemodel (>= 4.2.0)
      activesupport (>= 4.2.0)
      cocaine (~> 0.5.5)
      mime-types
      mimemagic (~> 0.3.0)
    pickle (0.5.5)
      cucumber (>= 0.8, < 4.0)
      rake
    poltergeist (1.18.1)
      capybara (>= 2.1, < 4)
      cliver (~> 0.3.1)
      websocket-driver (>= 0.2.0)
    power_assert (1.1.3)
    public_suffix (3.0.3)
    rack (2.0.5)
    rack-test (1.1.0)
      rack (>= 1.0, < 3)
    rails (5.2.1)
      actioncable (= 5.2.1)
      actionmailer (= 5.2.1)
      actionpack (= 5.2.1)
      actionview (= 5.2.1)
      activejob (= 5.2.1)
      activemodel (= 5.2.1)
      activerecord (= 5.2.1)
      activestorage (= 5.2.1)
      activesupport (= 5.2.1)
      bundler (>= 1.3.0)
      railties (= 5.2.1)
      sprockets-rails (>= 2.0.0)
    rails-controller-testing (1.0.2)
      actionpack (~> 5.x, >= 5.0.1)
      actionview (~> 5.x, >= 5.0.1)
      activesupport (~> 5.x)
    rails-dom-testing (2.0.3)
      activesupport (>= 4.2.0)
      nokogiri (>= 1.6)
    rails-html-sanitizer (1.0.4)
      loofah (~> 2.2, >= 2.2.2)
    railties (5.2.1)
      actionpack (= 5.2.1)
      activesupport (= 5.2.1)
      method_source
      rake (>= 0.8.7)
      thor (>= 0.19.0, < 2.0)
    rake (12.3.1)
    rb-fsevent (0.10.3)
    rb-inotify (0.9.10)
      ffi (>= 0.5.0, < 2)
    redis (4.0.2)
    redis-store (1.5.0)
      redis (>= 2.2, < 5)
    responders (2.4.0)
      actionpack (>= 4.2.0, < 5.3)
      railties (>= 4.2.0, < 5.3)
    rspec (3.8.0)
      rspec-core (~> 3.8.0)
      rspec-expectations (~> 3.8.0)
      rspec-mocks (~> 3.8.0)
    rspec-activemodel-mocks (1.1.0)
      activemodel (>= 3.0)
      activesupport (>= 3.0)
      rspec-mocks (>= 2.99, < 4.0)
    rspec-core (3.8.0)
      rspec-support (~> 3.8.0)
    rspec-expectations (3.8.1)
      diff-lcs (>= 1.2.0, < 2.0)
      rspec-support (~> 3.8.0)
    rspec-mocks (3.8.0)
      diff-lcs (>= 1.2.0, < 2.0)
      rspec-support (~> 3.8.0)
    rspec-rails (3.8.0)
      actionpack (>= 3.0)
      activesupport (>= 3.0)
      railties (>= 3.0)
      rspec-core (~> 3.8.0)
      rspec-expectations (~> 3.8.0)
      rspec-mocks (~> 3.8.0)
      rspec-support (~> 3.8.0)
    rspec-support (3.8.0)
    ruby_dep (1.5.0)
    sass (3.4.25)
    sass-rails (5.0.7)
      railties (>= 4.0.0, < 6)
      sass (~> 3.1)
      sprockets (>= 2.8, < 4.0)
      sprockets-rails (>= 2.0, < 4.0)
      tilt (>= 1.1, < 3)
    sax-machine (1.3.2)
    sendgrid (1.2.4)
      json
    shoulda (3.6.0)
      shoulda-context (~> 1.0, >= 1.0.1)
      shoulda-matchers (~> 3.0)
    shoulda-context (1.2.2)
    shoulda-matchers (3.1.2)
      activesupport (>= 4.0.0)
    simplecov (0.16.1)
      docile (~> 1.1)
      json (>= 1.8, < 3)
      simplecov-html (~> 0.10.0)
    simplecov-html (0.10.2)
    sprockets (3.7.2)
      concurrent-ruby (~> 1.0)
      rack (> 1, < 3)
    sprockets-rails (3.2.1)
      actionpack (>= 4.0)
      activesupport (>= 4.0)
      sprockets (>= 3.0.0)
    sqlite3 (1.3.13)
    temple (0.8.0)
    test-unit (3.2.8)
      power_assert
    thor (0.20.0)
    thread_safe (0.3.6)
    tilt (2.0.8)
    timecop (0.9.1)
    tzinfo (1.2.5)
      thread_safe (~> 0.1)
    websocket-driver (0.7.0)
      websocket-extensions (>= 0.1.0)
    websocket-extensions (0.1.3)
    will_paginate (3.1.6)
    xml-simple (1.1.5)
    xpath (3.1.0)
      nokogiri (~> 1.8)

PLATFORMS
  ruby

DEPENDENCIES
  activeresource
  aws-sdk (~> 3.0.1)
  bootsnap (>= 1.1.0)
  byebug
  capybara (~> 3.7.1)
  capybara-screenshot
  clearance (= 1.16.1)
  compass-rails (~> 3.1.0)
  cucumber (= 3.1.2)
  cucumber-rails (~> 1.6.0)
  database_cleaner (= 1.7.0)
  delayed_job (= 4.1.5)
  delayed_job_active_record
  email_spec (= 2.2.0)
  factory_bot (~> 4.11.0)
  fastercsv (= 1.5.5)
  formtastic
  friendly_id (= 5.2.4)
  geoip (= 1.6.4)
  geokit (= 1.13.1)
  haml (~> 5.0.4)
  has_scope (= 0.7.2)
  i18n
  inherited_resources (= 1.9.0)
  json
  listen
  mime-types (= 3.2.2)
  multi_json (= 1.13.1)
  mysql2 (= 0.5.2)
  paperclip (~> 5.2.1)
  pickle (~> 0.5.5)
  poltergeist (~> 1.18.1)
  rails (= 5.2.1)
  rails-controller-testing
  rake (~> 12.3.1)
  redis (~> 4.0.2)
  redis-store (= 1.5.0)
  responders (= 2.4.0)
  rspec (= 3.8.0)
  rspec-activemodel-mocks
  rspec-rails (= 3.8.0)
  sax-machine (= 1.3.2)
  sendgrid (= 1.2.4)
  shoulda (~> 3.6.0)
  simplecov
  sqlite3 (>= 1.3.13)
  test-unit (= 3.2.8)
  timecop (= 0.9.1)
  will_paginate (= 3.1.6)
  xml-simple (= 1.1.5)

BUNDLED WITH
   1.15.4
